GEM
  remote: https://rubygems.org/
  specs:
    nio4r (2.7.4)
    puma (7.0.2)
      nio4r (~> 2.0)
    rack (3.2.1)
    rackup (2.2.1)
      rack (>= 3)

PLATFORMS
  arm64-darwin-24
  ruby

DEPENDENCIES
  puma (~> 7.0)
  rack (~> 3.2)
  rackup (~> 2.1)

RUBY VERSION
   ruby 3.4.5p51

BUNDLED WITH
   2.6.9
